PATH
  remote: .
  specs:
    ruby-lsp (0.6.1)
      language_server-protocol (~> 3.17.0)
      sorbet-runtime
      syntax_tree (>= 6.1.1, < 7)

GEM
  remote: https://rubygems.org/
  specs:
    actionpack (7.0.5)
      actionview (= 7.0.5)
      activesupport (= 7.0.5)
      rack (~> 2.0, >= 2.2.4)
      rack-test (>= 0.6.3)
      rails-dom-testing (~> 2.0)
      rails-html-sanitizer (~> 1.0, >= 1.2.0)
    actionview (7.0.5)
      activesupport (= 7.0.5)
      builder (~> 3.1)
      erubi (~> 1.4)
      rails-dom-testing (~> 2.0)
      rails-html-sanitizer (~> 1.1, >= 1.2.0)
    activesupport (7.0.5)
      concurrent-ruby (~> 1.0, >= 1.0.2)
      i18n (>= 1.6, < 2)
      minitest (>= 5.1)
      tzinfo (~> 2.0)
    ansi (1.5.0)
    ast (2.4.2)
    builder (3.2.4)
    concurrent-ruby (1.2.2)
    crass (1.0.6)
    debug (1.8.0)
      irb (>= 1.5.0)
      reline (>= 0.3.1)
    diff-lcs (1.5.0)
    erubi (1.12.0)
    i18n (1.13.0)
      concurrent-ruby (~> 1.0)
    io-console (0.6.0)
    io-console (0.6.0-java)
    irb (1.7.0)
      reline (>= 0.3.0)
    jar-dependencies (0.4.1)
    json (2.6.3)
    json (2.6.3-java)
    language_server-protocol (3.17.0.3)
    loofah (2.21.3)
      crass (~> 1.0.2)
      nokogiri (>= 1.12.0)
    method_source (1.0.0)
    mini_portile2 (2.8.2)
    minitest (5.18.1)
    minitest-reporters (1.6.0)
      ansi
      builder
      minitest (>= 5.0)
      ruby-progressbar
    mocha (2.0.4)
      ruby2_keywords (>= 0.0.5)
    netrc (0.11.0)
    nokogiri (1.15.2)
      mini_portile2 (~> 2.8.2)
      racc (~> 1.4)
    parallel (1.23.0)
    parser (3.2.2.3)
      ast (~> 2.4.1)
      racc
    prettier_print (1.2.1)
    psych (5.1.0)
      stringio
    psych (5.1.0-java)
      jar-dependencies (>= 0.1.7)
    racc (1.7.1)
    racc (1.7.1-java)
    rack (2.2.7)
    rack-test (2.1.0)
      rack (>= 1.3)
    rails-dom-testing (2.0.3)
      activesupport (>= 4.2.0)
      nokogiri (>= 1.6)
    rails-html-sanitizer (1.6.0)
      loofah (~> 2.21)
      nokogiri (~> 1.14)
    railties (7.0.5)
      actionpack (= 7.0.5)
      activesupport (= 7.0.5)
      method_source
      rake (>= 12.2)
      thor (~> 1.0)
      zeitwerk (~> 2.5)
    rainbow (3.1.1)
    rake (13.0.6)
    rbi (0.0.16)
      ast
      parser (>= 2.6.4.0)
      sorbet-runtime (>= 0.5.9204)
      unparser
    rdoc (6.5.0)
      psych (>= 4.0.0)
    regexp_parser (2.8.1)
    reline (0.3.5)
      io-console (~> 0.5)
    rexml (3.2.5)
    rubocop (1.52.1)
      json (~> 2.3)
      parallel (~> 1.10)
      parser (>= 3.2.2.3)
      rainbow (>= 2.2.2, < 4.0)
      regexp_parser (>= 1.8, < 3.0)
      rexml (>= 3.2.5, < 4.0)
      rubocop-ast (>= 1.28.0, < 2.0)
      ruby-progressbar (~> 1.7)
      unicode-display_width (>= 2.4.0, < 3.0)
    rubocop-ast (1.29.0)
      parser (>= 3.2.1.0)
    rubocop-minitest (0.31.0)
      rubocop (>= 1.39, < 2.0)
    rubocop-rake (0.6.0)
      rubocop (~> 1.0)
    rubocop-shopify (2.14.0)
      rubocop (~> 1.51)
    rubocop-sorbet (0.7.0)
      rubocop (>= 0.90.0)
    ruby-progressbar (1.13.0)
    ruby2_keywords (0.0.5)
    sorbet (0.5.10880)
      sorbet-static (= 0.5.10880)
    sorbet-runtime (0.5.10880)
    sorbet-static (0.5.10880-java)
    sorbet-static (0.5.10880-universal-darwin-14)
    sorbet-static (0.5.10880-universal-darwin-15)
    sorbet-static (0.5.10880-universal-darwin-16)
    sorbet-static (0.5.10880-universal-darwin-17)
    sorbet-static (0.5.10880-universal-darwin-18)
    sorbet-static (0.5.10880-universal-darwin-19)
    sorbet-static (0.5.10880-universal-darwin-20)
    sorbet-static (0.5.10880-universal-darwin-21)
    sorbet-static (0.5.10880-universal-darwin-22)
    sorbet-static (0.5.10880-x86_64-linux)
    sorbet-static-and-runtime (0.5.10880)
      sorbet (= 0.5.10880)
      sorbet-runtime (= 0.5.10880)
    spoom (1.2.1)
      sorbet (>= 0.5.10187)
      sorbet-runtime (>= 0.5.9204)
      thor (>= 0.19.2)
    stringio (3.0.6)
    syntax_tree (6.1.1)
      prettier_print (>= 1.2.0)
    tapioca (0.11.6)
      bundler (>= 2.2.25)
      netrc (>= 0.11.0)
      parallel (>= 1.21.0)
      rbi (~> 0.0.0, >= 0.0.16)
      sorbet-static-and-runtime (>= 0.5.10187)
      spoom (~> 1.2.0, >= 1.2.0)
      thor (>= 1.2.0)
      yard-sorbet
    thor (1.2.2)
    tzinfo (2.0.6)
      concurrent-ruby (~> 1.0)
    unicode-display_width (2.4.2)
    unparser (0.6.7)
      diff-lcs (~> 1.3)
      parser (>= 3.2.0)
    yard (0.9.34)
    yard-sorbet (0.8.1)
      sorbet-runtime (>= 0.5)
      yard (>= 0.9)
    zeitwerk (2.6.8)

PLATFORMS
  arm64-darwin
  universal-java-11
  x64-mingw-ucrt
  x64-mingw32
  x86_64-darwin
  x86_64-linux

DEPENDENCIES
  bundler (~> 2.4.2)
  debug (~> 1.8)
  minitest (~> 5.18)
  minitest-reporters (~> 1.6)
  mocha (~> 2.0)
  psych (~> 5.1)
  railties (~> 7.0)
  rake (~> 13.0)
  rdoc
  rubocop (~> 1.52)
  rubocop-minitest (~> 0.31.0)
  rubocop-rake (~> 0.6.0)
  rubocop-shopify (~> 2.14)
  rubocop-sorbet (~> 0.7)
  ruby-lsp!
  sorbet-static-and-runtime
  tapioca (~> 0.11)

BUNDLED WITH
   2.4.10
